GEM
  remote: https://rubygems.org/
  specs:
    OptionParser (0.5.1)
    date (2.0.0)

PLATFORMS
  ruby

DEPENDENCIES
  OptionParser
  date

BUNDLED WITH
   2.1.0.pre.1
