GEM
  remote: https://rubygems.org/
  specs:
    addressable (2.7.0)
      public_suffix (>= 2.0.2, < 5.0)
    equatable (0.7.0)
    json-schema (2.8.1)
      addressable (>= 2.4)
    pastel (0.7.4)
      equatable (~> 0.6)
      tty-color (~> 0.5)
    public_suffix (4.0.4)
    semver_dialects (1.0.1)
      pastel (~> 0.7.2)
      thor (~> 0.20.0)
      tty-command (~> 0.9.0)
    thor (0.20.3)
    tty-color (0.6.0)
    tty-command (0.9.0)
      pastel (~> 0.7.0)

PLATFORMS
  ruby

DEPENDENCIES
  json-schema
  semver_dialects (= 1.0.1)

BUNDLED WITH
    1.17.1
