GIT
  remote: git@gitlab.com:gitlab-org/secure/vulnerability-research/advisories/semver_dialects.git
  revision: 2f4921b6aad1c213c36dea1476d822fcba516f74
  ref: 2f4921b
  specs:
    semver_dialects (0.1.0)
      pastel (~> 0.7.2)
      thor (~> 0.20.0)
      tty-command (~> 0.9.0)

GEM
  remote: https://rubygems.org/
  specs:
    addressable (2.7.0)
      public_suffix (>= 2.0.2, < 5.0)
    equatable (0.6.1)
    json-schema (2.8.1)
      addressable (>= 2.4)
    pastel (0.7.3)
      equatable (~> 0.6)
      tty-color (~> 0.5)
    public_suffix (4.0.4)
    thor (0.20.3)
    tty-color (0.5.1)
    tty-command (0.9.0)
      pastel (~> 0.7.0)

PLATFORMS
  ruby

DEPENDENCIES
  json-schema
  semver_dialects!

BUNDLED WITH
   1.17.3
